GEM
  remote: https://rubygems.org/
  specs:
    activemodel (3.2.15)
      activesupport (= 3.2.15)
      builder (~> 3.0.0)
    activesupport (3.2.15)
      i18n (~> 0.6, >= 0.6.4)
      multi_json (~> 1.0)
    builder (3.0.4)
    i18n (0.6.5)
    mime-types (2.0)
    mini_portile (0.5.2)
    mongoid (3.1.5)
      activemodel (~> 3.2)
      moped (~> 1.4)
      origin (~> 1.0)
      tzinfo (~> 0.3.29)
    moped (1.5.1)
    multi_json (1.8.2)
    nokogiri (1.6.0)
      mini_portile (~> 0.5.0)
    origin (1.1.0)
    rest-client (1.6.7)
      mime-types (>= 1.16)
    tzinfo (0.3.38)

PLATFORMS
  ruby

DEPENDENCIES
  mongoid
  nokogiri
  rest-client
